GEM
  remote: http://rubygems.org/
  specs:
    giternal (0.1.1)

PLATFORMS
  ruby

DEPENDENCIES
  giternal
